NUGET
  remote: https://nuget.org/api/v2
  specs:
    EntityFramework (6.1.3)
    EntityFramework.SqlServerCompact (6.1.3)
      EntityFramework (>= 6.1.3)
      Microsoft.SqlServer.Compact (>= 4.0.8876.1)
    Microsoft.SqlServer.Compact (4.0.8876.1)
    NServiceBus (5.2.9)
    NServiceBus.StructureMap (5.0.1)
      NServiceBus (>= 5.0.0 < 6.0.0)
      structuremap (>= 3.0.5.130 < 4.0.0)
    structuremap (3.1.6.186)
