NUGET
  remote: https://nuget.org/api/v2
  specs:
    NServiceBus (5.2.9)
