NUGET
  remote: https://nuget.org/api/v2
  specs:
    Antlr (3.5.0.2)
    bootstrap (3.3.6)
      jQuery (>= 1.9.1 < 3.0)
    EntityFramework (6.1.3)
    EntityFramework.SqlServerCompact (6.1.3)
      EntityFramework (>= 6.1.3)
      Microsoft.SqlServer.Compact (>= 4.0.8876.1)
    jQuery (2.1.4)
    jQuery.Validation (1.14.0)
      jQuery (>= 1.4.4)
    Microsoft.AspNet.Mvc (5.2.3)
      Microsoft.AspNet.Razor (>= 3.2.3 < 3.3.0)
      Microsoft.AspNet.WebPages (>= 3.2.3 < 3.3.0)
    Microsoft.AspNet.Razor (3.2.3)
    Microsoft.AspNet.Web.Optimization (1.1.3)
      Microsoft.Web.Infrastructure (>= 1.0.0)
      WebGrease (>= 1.5.2)
    Microsoft.AspNet.WebPages (3.2.3)
      Microsoft.AspNet.Razor (>= 3.2.3 < 3.3.0)
      Microsoft.Web.Infrastructure (>= 1.0.0.0)
    Microsoft.SqlServer.Compact (4.0.8876.1)
    Microsoft.Web.Infrastructure (1.0.0)
    Newtonsoft.Json (7.0.1)
    NServiceBus.StructureMap (5.0.1)
      NServiceBus (>= 5.0.0 < 6.0.0)
      structuremap (>= 3.0.5.130 < 4.0.0)
    structuremap (3.1.6.186)
    WebGrease (1.6.0)
      Antlr (>= 3.4.1.9004)
      Newtonsoft.Json (>= 5.0.4)
  remote: https://www.myget.org/F/particular
  specs:
    NServiceBus (6.0.0-unstable1656)
